PATH
  remote: .
  specs:
    ruby_rollbar_test_project (0.1.0)

GEM
  remote: https://rubygems.org/
  specs:
    rake (13.0.6)

PLATFORMS
  x86_64-darwin-20

DEPENDENCIES
  rake (~> 13.0)
  ruby_rollbar_test_project!

BUNDLED WITH
   2.2.32
